PATH
  remote: .
  specs:
    chat_notifier (0.2.1)

GEM
  remote: https://rubygems.org/
  specs:
    debug (1.7.2)
      irb (>= 1.5.0)
      reline (>= 0.3.1)
    docile (1.4.0)
    io-console (0.6.0)
    irb (1.6.4)
      reline (>= 0.3.0)
    json (2.6.3)
    minitest (5.18.0)
    rake (13.0.6)
    reline (0.3.3)
      io-console (~> 0.5)
    simplecov (0.22.0)
      docile (~> 1.1)
      simplecov-html (~> 0.11)
      simplecov_json_formatter (~> 0.1)
    simplecov-html (0.12.3)
    simplecov-json (0.2.3)
      json
      simplecov
    simplecov_json_formatter (0.1.4)

PLATFORMS
  arm64-darwin-21
  arm64-darwin-22
  x86_64-linux

DEPENDENCIES
  chat_notifier!
  debug
  minitest
  rake
  simplecov
  simplecov-json

BUNDLED WITH
   2.4.8
