PATH
  remote: .
  specs:
    chat_notifier (0.2.5)

GEM
  remote: https://rubygems.org/
  specs:
    date (3.4.1)
    debug (1.10.0)
      irb (~> 1.10)
      reline (>= 0.3.8)
    docile (1.4.1)
    io-console (0.8.0)
    irb (1.15.1)
      pp (>= 0.6.0)
      rdoc (>= 4.0.0)
      reline (>= 0.4.2)
    json (2.10.1)
    minitest (5.25.4)
    ostruct (0.6.1)
    pp (0.6.2)
      prettyprint
    prettyprint (0.2.0)
    psych (5.2.3)
      date
      stringio
    rake (13.2.1)
    rdoc (6.12.0)
      psych (>= 4.0.0)
    reissue (0.4.0)
      rake
    reline (0.6.0)
      io-console (~> 0.5)
    simplecov (0.22.0)
      docile (~> 1.1)
      simplecov-html (~> 0.11)
      simplecov_json_formatter (~> 0.1)
    simplecov-html (0.13.1)
    simplecov-json (0.2.3)
      json
      simplecov
    simplecov_json_formatter (0.1.4)
    stringio (3.1.5)

PLATFORMS
  ruby

DEPENDENCIES
  chat_notifier!
  debug
  minitest
  ostruct
  rake
  reissue
  simplecov
  simplecov-json

BUNDLED WITH
   2.4.8
