PATH
  remote: .
  specs:
    chat_notifier (0.1.0)

GEM
  remote: https://rubygems.org/
  specs:
    debug (1.7.2)
      irb (>= 1.5.0)
      reline (>= 0.3.1)
    io-console (0.6.0)
    irb (1.6.4)
      reline (>= 0.3.0)
    minitest (5.18.0)
    rake (13.0.6)
    reline (0.3.3)
      io-console (~> 0.5)

PLATFORMS
  arm64-darwin-22
  x86_64-linux

DEPENDENCIES
  chat_notifier!
  debug
  minitest
  rake

BUNDLED WITH
   2.4.8
